GEM
  remote: https://rubygems.org/
  specs:
    chronic (0.10.2)
    chronic_duration (0.10.2)
      numerizer (~> 0.1.1)
    mini_portile (0.5.2)
    nokogiri (1.6.1)
      mini_portile (~> 0.5.0)
    numerizer (0.1.1)

PLATFORMS
  ruby

DEPENDENCIES
  chronic
  chronic_duration
  nokogiri
